GEM
  remote: https://rubygems.org/
  specs:
    json (2.6.3)
    nanoid (2.0.0)

PLATFORMS
  arm64-darwin-21

DEPENDENCIES
  json (~> 2.6)
  nanoid (~> 2.0)

BUNDLED WITH
   2.4.2
